GIT
  remote: git://github.com/waynegraham/capistrano-multiproject.git
  revision: fe34e355f4f36bd94dcbcc19be92c9ccead6ddb0
  specs:
    capistrano-multiproject (0.0.5)
      capistrano (~> 2.15.0)

GIT
  remote: git://github.com/waynegraham/omeka-recipes.git
  revision: 20b5d9e163359c14446153c204c4722ba440841b
  branch: develop
  specs:
    omeka-recipes (0.6.0)
      capistrano (>= 2.5.9)
      capistrano-ext (>= 1.2.1)
      capistrano-multistage (~> 0.0.4)
      capistrano-php (~> 1.0.0)
      inifile (~> 2.0.2)

GEM
  remote: https://rubygems.org/
  specs:
    capistrano (2.15.5)
      highline
      net-scp (>= 1.0.0)
      net-sftp (>= 2.0.0)
      net-ssh (>= 2.0.14)
      net-ssh-gateway (>= 1.1.0)
    capistrano-ext (1.2.1)
      capistrano (>= 1.0.0)
    capistrano-multistage (0.0.4)
      capistrano (>= 2.12.0)
      rake
    capistrano-php (1.0.0)
    domain_name (0.5.19)
      unf (>= 0.0.5, < 1.0.0)
    dotenv (0.11.1)
      dotenv-deployment (~> 0.0.2)
    dotenv-deployment (0.0.2)
    highline (1.6.21)
    http-cookie (1.0.2)
      domain_name (~> 0.5)
    inifile (2.0.2)
    mechanize (2.7.3)
      domain_name (~> 0.5, >= 0.5.1)
      http-cookie (~> 1.0)
      mime-types (~> 2.0)
      net-http-digest_auth (~> 1.1, >= 1.1.1)
      net-http-persistent (~> 2.5, >= 2.5.2)
      nokogiri (~> 1.4)
      ntlm-http (~> 0.1, >= 0.1.1)
      webrobots (>= 0.0.9, < 0.2)
    mime-types (2.3)
    mini_portile (0.6.0)
    net-http-digest_auth (1.4)
    net-http-persistent (2.9.4)
    net-scp (1.2.1)
      net-ssh (>= 2.6.5)
    net-sftp (2.1.2)
      net-ssh (>= 2.6.5)
    net-ssh (2.9.1)
    net-ssh-gateway (1.2.0)
      net-ssh (>= 2.6.5)
    nokogiri (1.6.2.1)
      mini_portile (= 0.6.0)
    ntlm-http (0.1.1)
    railsless-deploy (1.1.3)
    rake (10.3.2)
    thor (0.19.1)
    unf (0.1.4)
      unf_ext
    unf_ext (0.0.6)
    webrobots (0.1.1)

PLATFORMS
  ruby

DEPENDENCIES
  capistrano (~> 2.15.5)
  capistrano-multiproject!
  dotenv (~> 0.11.1)
  mechanize (~> 2.7.1)
  omeka-recipes!
  railsless-deploy (~> 1.1.2)
  thor (~> 0.19.1)
